GEM
  remote: https://rubygems.org/
  specs:
    colorize (0.8.1)
    net-ssh (3.2.0)

PLATFORMS
  ruby

DEPENDENCIES
  colorize (~> 0.8.1)
  net-ssh (~> 3.2)

BUNDLED WITH
   1.12.5
