GEM
  remote: https://rubygems.org/
  specs:
    net-ssh (3.2.0)

PLATFORMS
  ruby

DEPENDENCIES
  net-ssh (~> 3.2)

BUNDLED WITH
   1.12.5
